GEM
  remote: https://rubygems.org/
  specs:
    icalendar (1.4.1)
    mini_portile (0.5.1)
    nokogiri (1.6.0)
      mini_portile (~> 0.5.0)

PLATFORMS
  ruby

DEPENDENCIES
  icalendar
  nokogiri
